GEM
  remote: https://rubygems.org/
  specs:
    haml (4.0.3)
      tilt
    plist (3.1.0)
    rack (1.5.2)
    rack-protection (1.5.0)
      rack
    redcarpet (3.0.0)
    sass (3.2.9)
    sinatra (1.4.3)
      rack (~> 1.4)
      rack-protection (~> 1.4)
      tilt (~> 1.3, >= 1.3.4)
    tilt (1.4.1)

PLATFORMS
  ruby

DEPENDENCIES
  haml
  plist
  redcarpet
  sass
  sinatra
